GIT
  remote: https://github.com/mcmire/jammit
  revision: 47e1949a47d368edb90e3856ab68eba5475cf2c2
  branch: fix_rails_assumptions
  specs:
    jammit (0.6.5)
      cssmin (>= 1.0.2)
      jsmin (>= 1.0.1)

GEM
  remote: http://rubygems.org/
  specs:
    activesupport (3.2.8)
      i18n (~> 0.6)
      multi_json (~> 1.0)
    addressable (2.2.8)
    backports (2.6.1)
    coffee-script (2.2.0)
      coffee-script-source
      execjs
    coffee-script-source (1.3.3)
    cssmin (1.0.2)
    daemons (1.1.8)
    eventmachine (0.12.10)
    excon (0.14.3)
    execjs (1.4.0)
      multi_json (~> 1.0)
    ffi (1.1.5)
    guard (1.3.2)
      listen (>= 0.4.2)
      thor (>= 0.14.6)
    guard-coffeescript (1.2.0)
      coffee-script (>= 2.2.0)
      guard (>= 1.1.0)
    guard-sass (1.0.0)
      guard (>= 1.1.0)
      sass (>= 3.1)
    heroku (2.28.12)
      heroku-api (~> 0.2.8)
      launchy (>= 0.3.2)
      netrc (~> 0.7.5)
      rest-client (~> 1.6.1)
      rubyzip
    heroku-api (0.2.8)
      excon (~> 0.14.3)
    i18n (0.6.1)
    jammit-sinatra (0.6.0.2)
      jammit (>= 0.6.0)
    jsmin (1.0.1)
    launchy (2.1.0)
      addressable (~> 2.2.6)
    listen (0.4.7)
      rb-fchange (~> 0.0.5)
      rb-fsevent (~> 0.9.1)
      rb-inotify (~> 0.8.8)
    little-plugger (1.1.3)
    logging (1.7.2)
      little-plugger (>= 1.1.3)
    mime-types (1.19)
    multi_json (1.3.6)
    netrc (0.7.5)
    puma (1.4.0)
      rack (~> 1.2)
    rack (1.4.1)
    rack-protection (1.2.0)
      rack
    rack-test (0.6.1)
      rack (>= 1.0)
    rake (0.9.2.2)
    rb-fchange (0.0.5)
      ffi
    rb-fsevent (0.9.1)
    rb-inotify (0.8.8)
      ffi (>= 0.5.0)
    rest-client (1.6.7)
      mime-types (>= 1.16)
    rubyzip (0.9.9)
    sass (3.2.1)
    simple-navigation (3.9.0)
      activesupport (>= 2.3.2)
    sinatra (1.3.2)
      rack (~> 1.3, >= 1.3.6)
      rack-protection (~> 1.2)
      tilt (~> 1.3, >= 1.3.3)
    sinatra-contrib (1.3.1)
      backports (>= 2.0)
      eventmachine
      rack-protection
      rack-test
      sinatra (~> 1.3.0)
      tilt (~> 1.3)
    sinatra-flash (0.3.0)
      sinatra (>= 1.0.0)
    sinatra-simple-navigation (3.5.1)
      simple-navigation (>= 3.5.0)
    tagz (9.5.0)
    terminal-notifier-guard (1.5.3)
    thin (1.3.1)
      daemons (>= 1.0.9)
      eventmachine (>= 0.12.6)
      rack (>= 1.0.0)
    thor (0.16.0)
    tilt (1.3.3)

PLATFORMS
  ruby

DEPENDENCIES
  coffee-script (~> 2.2.0)
  guard (~> 1.3.2)
  guard-coffeescript (~> 1.2.0)
  guard-sass (~> 1.0.0)
  heroku (~> 2.28.0)
  jammit!
  jammit-sinatra (= 0.6.0.2)
  listen (= 0.4.7)
  logging (= 1.7.2)
  puma (= 1.4.0)
  rake
  rb-fsevent (~> 0.9.1)
  sass (~> 3.2.1)
  sinatra (= 1.3.2)
  sinatra-contrib (= 1.3.1)
  sinatra-flash (= 0.3.0)
  sinatra-simple-navigation (= 3.5.1)
  tagz (= 9.5.0)
  terminal-notifier-guard (~> 1.5.3)
  thin (~> 1.3.1)
